GEM
  remote: https://rubygems.org/
  specs:
    coderay (1.1.3)
    method_source (1.0.0)
    pry (0.14.2)
      coderay (~> 1.1)
      method_source (~> 1.0)
    sqlite3 (1.6.3-x86_64-darwin)

PLATFORMS
  x86_64-darwin-20

DEPENDENCIES
  pry
  sqlite3 (~> 1.3, >= 1.3.11)

BUNDLED WITH
   2.2.33
